GEM
  remote: http://ruby.taobao.org/
  specs:
    pg (0.17.1)
    rack (1.5.2)
    rack-contrib (1.1.0)
      rack (>= 0.9.1)
    rack-protection (1.5.3)
      rack
    sinatra (1.4.5)
      rack (~> 1.4)
      rack-protection (~> 1.4)
      tilt (~> 1.3, >= 1.3.4)
    sqlite3 (1.3.9)
    tilt (1.4.1)

PLATFORMS
  ruby

DEPENDENCIES
  pg
  rack-contrib
  sinatra
  sqlite3
